GEM
  remote: https://rubygems.org/
  specs:
    base64 (0.3.0)
    bson (5.1.1)
    logger (1.7.0)
    mongo (2.21.2)
      base64
      bson (>= 4.14.1, < 6.0.0)
    mustermann (3.0.4)
      ruby2_keywords (~> 0.0.1)
    rack (3.2.0)
    rack-protection (4.1.1)
      base64 (>= 0.1.0)
      logger (>= 1.6.0)
      rack (>= 3.0.0, < 4)
    rack-session (2.1.1)
      base64 (>= 0.1.0)
      rack (>= 3.0.0)
    rackup (2.2.1)
      rack (>= 3)
    ruby2_keywords (0.0.5)
    sinatra (4.1.1)
      logger (>= 1.6.0)
      mustermann (~> 3.0)
      rack (>= 3.0.0, < 4)
      rack-protection (= 4.1.1)
      rack-session (>= 2.0.0, < 3)
      tilt (~> 2.0)
    tilt (2.6.1)

PLATFORMS
  arm64-darwin-23
  ruby

DEPENDENCIES
  mongo
  rackup
  sinatra

BUNDLED WITH
   2.5.17
